GEM
  remote: http://rubygems.org/
  specs:
    POpen4 (0.1.4)
      Platform (>= 0.4.0)
      open4
    Platform (0.4.0)
    actionmailer (3.1.6)
      actionpack (= 3.1.6)
      mail (~> 2.3.3)
    actionpack (3.1.6)
      activemodel (= 3.1.6)
      activesupport (= 3.1.6)
      builder (~> 3.0.0)
      erubis (~> 2.7.0)
      i18n (~> 0.6)
      rack (~> 1.3.6)
      rack-cache (~> 1.2)
      rack-mount (~> 0.8.2)
      rack-test (~> 0.6.1)
      sprockets (~> 2.0.4)
    activemodel (3.1.6)
      activesupport (= 3.1.6)
      builder (~> 3.0.0)
      i18n (~> 0.6)
    activerecord (3.1.6)
      activemodel (= 3.1.6)
      activesupport (= 3.1.6)
      arel (~> 2.2.3)
      tzinfo (~> 0.3.29)
    activeresource (3.1.6)
      activemodel (= 3.1.6)
      activesupport (= 3.1.6)
    activesupport (3.1.6)
      multi_json (>= 1.0, < 1.3)
    arel (2.2.3)
    bcrypt-ruby (3.0.1)
    bcrypt-ruby (3.0.1-x86-mingw32)
    bson (1.5.2)
    bson_ext (1.5.2)
      bson (= 1.5.2)
    builder (3.0.3)
    cocaine (0.4.0)
    devise (1.5.3)
      bcrypt-ruby (~> 3.0)
      orm_adapter (~> 0.0.3)
      warden (~> 1.1)
    erubis (2.7.0)
    fattr (2.2.0)
    hike (1.2.1)
    i18n (0.6.1)
    jammit (0.6.5)
      yui-compressor (>= 0.9.3)
    jquery-rails (2.1.3)
      railties (>= 3.1.0, < 5.0)
      thor (~> 0.14)
    json (1.7.5)
    mail (2.3.3)
      i18n (>= 0.4.0)
      mime-types (~> 1.16)
      treetop (~> 1.4.8)
    mime-types (1.19)
    mongo (1.5.2)
      bson (= 1.5.2)
    mongoid (2.4.1)
      activemodel (~> 3.1)
      mongo (~> 1.3)
      tzinfo (~> 0.3.22)
    mongoid-paperclip (0.0.8)
      paperclip (>= 2.3.6)
    multi_json (1.2.0)
    open4 (1.3.0)
    orm_adapter (0.0.7)
    paperclip (2.8.0)
      activerecord (>= 2.3.0)
      activesupport (>= 2.3.2)
      cocaine (>= 0.0.2)
      mime-types
    polyglot (0.3.3)
    rack (1.3.6)
    rack-cache (1.2)
      rack (>= 0.4)
    rack-mount (0.8.3)
      rack (>= 1.0.0)
    rack-ssl (1.3.2)
      rack
    rack-test (0.6.2)
      rack (>= 1.0)
    rails (3.1.6)
      actionmailer (= 3.1.6)
      actionpack (= 3.1.6)
      activerecord (= 3.1.6)
      activeresource (= 3.1.6)
      activesupport (= 3.1.6)
      bundler (~> 1.0)
      railties (= 3.1.6)
    railties (3.1.6)
      actionpack (= 3.1.6)
      activesupport (= 3.1.6)
      rack-ssl (~> 1.3.2)
      rake (>= 0.8.7)
      rdoc (~> 3.4)
      thor (~> 0.14.6)
    rake (0.9.2.2)
    rdoc (3.12)
      json (~> 1.4)
    rush (0.6.7)
      session
    session (3.1.0)
      fattr
    sprockets (2.0.4)
      hike (~> 1.2)
      rack (~> 1.0)
      tilt (~> 1.1, != 1.3.0)
    thor (0.14.6)
    tilt (1.3.3)
    treetop (1.4.11)
      polyglot
      polyglot (>= 0.3.1)
    tzinfo (0.3.33)
    warden (1.1.0)
      rack (>= 1.0)
    win32-open3 (0.3.2-x86-mingw32)
    yui-compressor (0.9.6)
      POpen4 (>= 0.1.4)

PLATFORMS
  ruby
  x86-mingw32

DEPENDENCIES
  bson_ext (~> 1.5)
  devise
  jammit
  jquery-rails
  json
  mongoid (~> 2.4)
  mongoid-paperclip
  paperclip (~> 2.7)
  rails (= 3.1.6)
  rush
  win32-open3
